GEM
  remote: https://rubygems.org/
  specs:
    activemodel (4.2.10)
      activesupport (= 4.2.10)
      builder (~> 3.1)
    activesupport (4.2.10)
      i18n (~> 0.7)
      minitest (~> 5.1)
      thread_safe (~> 0.3, >= 0.3.4)
      tzinfo (~> 1.1)
    azure_mgmt_network (0.14.0)
      ms_rest_azure (~> 0.9.0)
    azure_mgmt_resources (0.14.0)
      ms_rest_azure (~> 0.9.0)
    builder (3.2.3)
    concurrent-ruby (1.0.5)
    domain_name (0.5.20170404)
      unf (>= 0.0.5, < 1.0.0)
    erubis (2.7.0)
    faraday (0.13.1)
      multipart-post (>= 1.2, < 3)
    faraday-cookie_jar (0.0.6)
      faraday (>= 0.7.4)
      http-cookie (~> 1.0.0)
    ffi (1.9.18-x64-mingw32)
    gssapi (1.2.0)
      ffi (>= 1.0.1)
    gyoku (1.3.1)
      builder (>= 2.1.2)
    her (0.6.8)
      activemodel (>= 3.0.0)
      activesupport (>= 3.0.0)
      faraday (~> 0.8)
      multi_json (~> 1.7)
    http-cookie (1.0.3)
      domain_name (~> 0.5)
    httpclient (2.8.3)
    i18n (0.9.1)
      concurrent-ruby (~> 1.0)
    inifile (3.0.0)
    kitchen-azurerm (0.12.3)
      azure_mgmt_network (~> 0.5, = 0.14.0)
      azure_mgmt_resources (~> 0.5, = 0.14.0)
      inifile (~> 3.0, >= 3.0.0)
      sshkey (~> 1, >= 1.0.0)
    kitchen-pester (0.8.0)
      test-kitchen (~> 1.10)
    kitchen-puppet (3.2.1)
      net-ssh (>= 3)
      test-kitchen (~> 1.4)
    librarian-puppet (2.2.1)
      librarianp (>= 0.6.3)
      puppet_forge (~> 1.0)
      rsync
    librarianp (0.6.4)
      thor (~> 0.15)
    little-plugger (1.1.4)
    logging (2.2.2)
      little-plugger (~> 1.1)
      multi_json (~> 1.10)
    minitest (5.10.3)
    mixlib-install (3.8.0)
      mixlib-shellout
      mixlib-versioning
      thor
    mixlib-shellout (2.3.2-universal-mingw32)
      win32-process (~> 0.8.2)
      wmi-lite (~> 1.0)
    mixlib-versioning (1.2.2)
    ms_rest (0.7.2)
      concurrent-ruby (~> 1.0)
      faraday (~> 0.9)
      timeliness (~> 0.3)
    ms_rest_azure (0.9.0)
      concurrent-ruby (~> 1.0)
      faraday (~> 0.9)
      faraday-cookie_jar (~> 0.0.6)
      ms_rest (~> 0.7.0)
    multi_json (1.12.2)
    multipart-post (2.0.0)
    net-scp (1.2.1)
      net-ssh (>= 2.6.5)
    net-ssh (4.2.0)
    net-ssh-gateway (1.3.0)
      net-ssh (>= 2.6.5)
    nori (2.6.0)
    puppet_forge (1.0.6)
      activesupport (~> 4.2)
      her (~> 0.6.8)
    rsync (1.0.9)
    rubyntlm (0.6.2)
    rubyzip (1.2.1)
    safe_yaml (1.0.4)
    sshkey (1.9.0)
    test-kitchen (1.19.0)
      mixlib-install (~> 3.6)
      mixlib-shellout (>= 1.2, < 3.0)
      net-scp (~> 1.1)
      net-ssh (>= 2.9, < 5.0)
      net-ssh-gateway (~> 1.2)
      safe_yaml (~> 1.0)
      thor (~> 0.19, < 0.19.2)
      winrm (~> 2.0)
      winrm-elevated (~> 1.0)
      winrm-fs (~> 1.0.2)
    thor (0.19.1)
    thread_safe (0.3.6)
    timeliness (0.3.8)
    tzinfo (1.2.4)
      thread_safe (~> 0.1)
    unf (0.1.4)
      unf_ext
    unf_ext (0.0.7.4-x64-mingw32)
    win32-process (0.8.3)
      ffi (>= 1.0.0)
    winrm (2.2.3)
      builder (>= 2.1.2)
      erubis (~> 2.7)
      gssapi (~> 1.2)
      gyoku (~> 1.0)
      httpclient (~> 2.2, >= 2.2.0.2)
      logging (>= 1.6.1, < 3.0)
      nori (~> 2.0)
      rubyntlm (~> 0.6.0, >= 0.6.1)
    winrm-elevated (1.1.0)
      winrm (~> 2.0)
      winrm-fs (~> 1.0)
    winrm-fs (1.0.2)
      erubis (~> 2.7)
      logging (>= 1.6.1, < 3.0)
      rubyzip (~> 1.1)
      winrm (~> 2.0)
    wmi-lite (1.0.0)

PLATFORMS
  x64-mingw32

DEPENDENCIES
  kitchen-azurerm
  kitchen-pester
  kitchen-puppet
  librarian-puppet
  test-kitchen

BUNDLED WITH
   1.16.0
